GEM
  remote: https://rubygems.org/
  specs:
    haml (3.1.7)
    rack (1.5.2)
    rack-protection (1.3.2)
      rack
    rake (10.0.3)
    sass (3.2.5)
    sinatra (1.3.4)
      rack (~> 1.4)
      rack-protection (~> 1.3)
      tilt (~> 1.3, >= 1.3.3)
    tilt (1.3.3)

PLATFORMS
  ruby

DEPENDENCIES
  haml
  rake
  sass
  sinatra
